PATH
  remote: .
  specs:
    async_redis_cache_store (0.1.0)
      activesupport (>= 7.0)
      async (>= 2.0)
      async-redis (>= 0.13.0)

GEM
  remote: https://rubygems.org/
  specs:
    activesupport (8.0.3)
      base64
      benchmark (>= 0.3)
      bigdecimal
      concurrent-ruby (~> 1.0, >= 1.3.1)
      connection_pool (>= 2.2.5)
      drb
      i18n (>= 1.6, < 2)
      logger (>= 1.4.2)
      minitest (>= 5.1)
      securerandom (>= 0.3)
      tzinfo (~> 2.0, >= 2.0.5)
      uri (>= 0.13.1)
    ast (2.4.3)
    async (2.34.0)
      console (~> 1.29)
      fiber-annotation
      io-event (~> 1.11)
      metrics (~> 0.12)
      traces (~> 0.18)
    async-pool (0.11.0)
      async (>= 2.0)
    async-redis (0.13.0)
      async (~> 2.10)
      async-pool (~> 0.2)
      io-endpoint (~> 0.10)
      io-stream (~> 0.4)
      protocol-redis (~> 0.11)
    bake (0.24.1)
      bigdecimal
      samovar (~> 2.1)
    bake-test (0.3.0)
      bake
    base64 (0.3.0)
    benchmark (0.4.1)
    bigdecimal (3.3.1)
    concurrent-ruby (1.3.5)
    connection_pool (2.5.4)
    console (1.34.1)
      fiber-annotation
      fiber-local (~> 1.1)
      json
    covered (0.28.1)
      console (~> 1.0)
      msgpack (~> 1.0)
    date (3.4.1)
    drb (2.2.3)
    erb (5.1.1)
    fiber-annotation (0.2.0)
    fiber-local (1.1.0)
      fiber-storage
    fiber-storage (1.0.1)
    i18n (1.14.7)
      concurrent-ruby (~> 1.0)
    io-console (0.8.1)
    io-endpoint (0.15.2)
    io-event (1.14.0)
    io-stream (0.10.0)
    irb (1.15.2)
      pp (>= 0.6.0)
      rdoc (>= 4.0.0)
      reline (>= 0.4.2)
    json (2.15.1)
    language_server-protocol (3.17.0.5)
    lint_roller (1.1.0)
    logger (1.7.0)
    mapping (1.1.3)
    metrics (0.15.0)
    minitest (5.26.0)
    msgpack (1.8.0)
    parallel (1.27.0)
    parser (3.3.9.0)
      ast (~> 2.4.1)
      racc
    pp (0.6.3)
      prettyprint
    prettyprint (0.2.0)
    prism (1.6.0)
    protocol-redis (0.13.0)
    psych (5.2.6)
      date
      stringio
    racc (1.8.1)
    rack (3.2.3)
    rainbow (3.1.1)
    rake (13.3.0)
    rdoc (6.15.0)
      erb
      psych (>= 4.0.0)
      tsort
    regexp_parser (2.11.3)
    reline (0.6.2)
      io-console (~> 0.5)
    rubocop (1.81.1)
      json (~> 2.3)
      language_server-protocol (~> 3.17.0.2)
      lint_roller (~> 1.1.0)
      parallel (~> 1.10)
      parser (>= 3.3.0.2)
      rainbow (>= 2.2.2, < 4.0)
      regexp_parser (>= 2.9.3, < 3.0)
      rubocop-ast (>= 1.47.1, < 2.0)
      ruby-progressbar (~> 1.7)
      unicode-display_width (>= 2.4.0, < 4.0)
    rubocop-ast (1.47.1)
      parser (>= 3.3.7.2)
      prism (~> 1.4)
    rubocop-performance (1.26.0)
      lint_roller (~> 1.1)
      rubocop (>= 1.75.0, < 2.0)
      rubocop-ast (>= 1.44.0, < 2.0)
    rubocop-rails (2.33.4)
      activesupport (>= 4.2.0)
      lint_roller (~> 1.1)
      rack (>= 1.1)
      rubocop (>= 1.75.0, < 2.0)
      rubocop-ast (>= 1.44.0, < 2.0)
    rubocop-rails-omakase (1.1.0)
      rubocop (>= 1.72)
      rubocop-performance (>= 1.24)
      rubocop-rails (>= 2.30)
    ruby-progressbar (1.13.0)
    samovar (2.4.1)
      console (~> 1.0)
      mapping (~> 1.0)
    securerandom (0.4.1)
    stringio (3.1.7)
    sus (0.34.0)
    sus-fixtures-async (0.2.0)
      async
      sus (~> 0.10)
    traces (0.18.2)
    tsort (0.2.0)
    tzinfo (2.0.6)
      concurrent-ruby (~> 1.0)
    unicode-display_width (3.2.0)
      unicode-emoji (~> 4.1)
    unicode-emoji (4.1.0)
    uri (1.0.4)

PLATFORMS
  arm64-darwin-24
  ruby

DEPENDENCIES
  async_redis_cache_store!
  bake-test
  covered
  irb
  rake (~> 13.0)
  rubocop (~> 1.21)
  rubocop-rails-omakase
  sus
  sus-fixtures-async

BUNDLED WITH
   2.7.2
